GIT
  remote: git://github.com/concord-consortium/capybara-testrunner.git
  revision: d8a4e8e66ee3b1d87a9d6295a746cd72c4cbf08c
  branch: gem
  specs:
    sc-testdriver (0.1.1)
      capybara
      daemon_controller
      selenium-client

GEM
  remote: http://rubygems.org/
  specs:
    abstract (1.0.0)
    builder (3.0.0)
    capybara (1.1.1)
      mime-types (>= 1.16)
      nokogiri (>= 1.3.3)
      rack (>= 1.0.0)
      rack-test (>= 0.5.4)
      selenium-webdriver (~> 2.0)
      xpath (~> 0.1.4)
    childprocess (0.2.2)
      ffi (~> 1.0.6)
    ci_reporter (1.6.4)
      builder (>= 2.1.2)
    daemon_controller (0.2.6)
    daemons (1.1.0)
    diff-lcs (1.1.2)
    erubis (2.6.6)
      abstract (>= 1.0.0)
    eventmachine (0.12.10)
    extlib (0.9.15)
    ffi (1.0.9)
    git (1.2.5)
    json_pure (1.4.6)
    lebowski (0.3.2)
      rspec (~> 2.1.0)
      rspec (~> 2.1.0)
      selenium-client (~> 1.2.18)
      selenium-client (~> 1.2.18)
    mime-types (1.17.2)
    nokogiri (1.5.0)
    rack (1.2.4)
    rack-test (0.6.1)
      rack (>= 1.0)
    rspec (2.1.0)
      rspec-core (~> 2.1.0)
      rspec-expectations (~> 2.1.0)
      rspec-mocks (~> 2.1.0)
    rspec-core (2.1.0)
    rspec-expectations (2.1.0)
      diff-lcs (~> 1.1.2)
    rspec-mocks (2.1.0)
    rubyzip (0.9.4)
    selenium-client (1.2.18)
    selenium-webdriver (2.10.0)
      childprocess (>= 0.2.1)
      ffi (= 1.0.9)
      json_pure
      rubyzip
    sproutcore (1.4.5)
      erubis (~> 2.6.6)
      eventmachine (>= 0.12.10)
      extlib (~> 0.9.15)
      json_pure (~> 1.4.6)
      rack (~> 1.2.1)
      thin (~> 1.2.7)
      thor (~> 0.14.3)
    thin (1.2.8)
      daemons (>= 1.0.9)
      eventmachine (>= 0.12.6)
      rack (>= 1.0.0)
    thor (0.14.6)
    trollop (1.16.2)
    xpath (0.1.4)
      nokogiri (~> 1.3)

PLATFORMS
  ruby

DEPENDENCIES
  ci_reporter
  git
  lebowski
  sc-testdriver (= 0.1.1)!
  sproutcore (~> 1.4)
  trollop
