GIT
  remote: git://github.com/concord-consortium/capybara-testrunner.git
  revision: d8a4e8e66ee3b1d87a9d6295a746cd72c4cbf08c
  branch: gem
  specs:
    sc-testdriver (0.1.1)
      capybara
      daemon_controller
      selenium-client

GEM
  remote: http://rubygems.org/
  specs:
    addressable (2.3.4)
    builder (3.0.0)
    capybara (1.1.1)
      mime-types (>= 1.16)
      nokogiri (>= 1.3.3)
      rack (>= 1.0.0)
      rack-test (>= 0.5.4)
      selenium-webdriver (~> 2.0)
      xpath (~> 0.1.4)
    childprocess (0.2.2)
      ffi (~> 1.0.6)
    chunky_png (1.2.8)
    ci_reporter (1.6.4)
      builder (>= 2.1.2)
    compass (0.12.2)
      chunky_png (~> 1.2)
      fssm (>= 0.2.7)
      sass (~> 3.1)
    cookiejar (0.3.0)
    daemon_controller (0.2.6)
    daemons (1.1.9)
    diff-lcs (1.1.2)
    em-http-request (1.0.3)
      addressable (>= 2.2.3)
      cookiejar
      em-socksify
      eventmachine (>= 1.0.0.beta.4)
      http_parser.rb (>= 0.5.3)
    em-socksify (0.2.1)
      eventmachine (>= 1.0.0.beta.4)
    erubis (2.7.0)
    eventmachine (1.0.3)
    extlib (0.9.16)
    ffi (1.0.9)
    fssm (0.2.10)
    git (1.2.5)
    haml (3.1.8)
    http_parser.rb (0.5.3)
    json_pure (1.4.6)
    lebowski (0.3.2)
      rspec (~> 2.1.0)
      rspec (~> 2.1.0)
      selenium-client (~> 1.2.18)
      selenium-client (~> 1.2.18)
    mime-types (1.17.2)
    nokogiri (1.5.0)
    rack (1.2.4)
    rack-test (0.6.1)
      rack (>= 1.0)
    rspec (2.1.0)
      rspec-core (~> 2.1.0)
      rspec-expectations (~> 2.1.0)
      rspec-mocks (~> 2.1.0)
    rspec-core (2.1.0)
    rspec-expectations (2.1.0)
      diff-lcs (~> 1.1.2)
    rspec-mocks (2.1.0)
    rubyzip (0.9.4)
    sass (3.2.9)
    selenium-client (1.2.18)
    selenium-webdriver (2.10.0)
      childprocess (>= 0.2.1)
      ffi (= 1.0.9)
      json_pure
      rubyzip
    sproutcore (1.9.2)
      chunky_png (~> 1.2)
      compass (~> 0.11)
      em-http-request (~> 1.0)
      erubis (~> 2.6)
      eventmachine (>= 0.12.6)
      eventmachine (~> 1.0)
      extlib (~> 0.9)
      haml (~> 3.1)
      json_pure (~> 1.4)
      rack (~> 1.2)
      sass (~> 3.1)
      thin (~> 1.2)
      thor (~> 0.14)
    thin (1.5.1)
      daemons (>= 1.0.9)
      eventmachine (>= 0.12.6)
      rack (>= 1.0.0)
    thor (0.18.1)
    trollop (1.16.2)
    xpath (0.1.4)
      nokogiri (~> 1.3)

PLATFORMS
  ruby

DEPENDENCIES
  ci_reporter
  git
  lebowski
  sc-testdriver (= 0.1.1)!
  sproutcore (~> 1.9.2)
  trollop
